GEM
  remote: https://rubygems.org/
  specs:
    git-dirty (1.0.1)
    rake (12.3.2)

PLATFORMS
  ruby

DEPENDENCIES
  git-dirty
  rake

BUNDLED WITH
   1.17.3
