GEM
  remote: https://rubygems.org/
  specs:
    git-dirty (1.0.1)
    rake (13.1.0)
    revealing (1.8.0)
      bundler
      git-dirty
      rake
      thor
    thor (1.3.0)

PLATFORMS
  arm64-darwin-22

DEPENDENCIES
  rake
  revealing (>= 1.8.0)

BUNDLED WITH
   2.4.10
