GEM
  remote: https://rubygems.org/
  specs:
    git-dirty (1.0.1)
    rake (12.3.2)
    revealing (1.0.0)
      bundler
      git-dirty
      rake

PLATFORMS
  ruby

DEPENDENCIES
  rake
  revealing

BUNDLED WITH
   2.0.1
